GEM
  remote: http://rubygems.org/
  specs:
    httparty (0.8.2)
      multi_json
      multi_xml
    multi_json (1.3.2)
    multi_xml (0.4.4)
    rack (1.4.1)
    rack-protection (1.2.0)
      rack
    sinatra (1.3.2)
      rack (~> 1.3, >= 1.3.6)
      rack-protection (~> 1.2)
      tilt (~> 1.3, >= 1.3.3)
    tilt (1.3.3)

PLATFORMS
  ruby

DEPENDENCIES
  httparty
  multi_json (~> 1.3.2)
  sinatra
